GEM
  remote: https://rubygems.org/
  specs:
    bloomfilter-rb (2.1.1)
      redis
    crass (1.0.2)
    highscore (1.2.0)
      bloomfilter-rb (>= 2.1.1)
      whatlanguage (>= 1.0.0)
    mini_portile2 (2.1.0)
    nokogiri (1.6.8)
      mini_portile2 (~> 2.1.0)
      pkg-config (~> 1.1.7)
    nokogumbo (1.4.9)
      nokogiri
    pkg-config (1.1.7)
    rack (1.6.4)
    rack-protection (1.5.3)
      rack
    redis (3.3.1)
    rufus-scheduler (3.2.1)
    sanitize (4.1.0)
      crass (~> 1.0.2)
      nokogiri (>= 1.4.4)
      nokogumbo (~> 1.4.1)
    sinatra (1.4.7)
      rack (~> 1.5)
      rack-protection (~> 1.4)
      tilt (>= 1.3, < 3)
    sqlite3 (1.3.11)
    tilt (2.0.5)
    whatlanguage (1.0.6)

PLATFORMS
  ruby

DEPENDENCIES
  highscore
  nokogiri
  rufus-scheduler
  sanitize
  sinatra
  sqlite3

BUNDLED WITH
   1.12.5
