GIT
  remote: https://github.com/canillitapp/rumoji.git
  revision: ce802a9911121991a3cd68306fb926e5dd4eebaf
  specs:
    rumoji (0.5.0)

GEM
  remote: https://rubygems.org/
  specs:
    activemodel (6.0.2.1)
      activesupport (= 6.0.2.1)
    activerecord (6.0.2.1)
      activemodel (= 6.0.2.1)
      activesupport (= 6.0.2.1)
    activesupport (6.0.2.1)
      concurrent-ruby (~> 1.0, >= 1.0.2)
      i18n (>= 0.7, < 2)
      minitest (~> 5.1)
      tzinfo (~> 1.1)
      zeitwerk (~> 2.2)
    addressable (2.7.0)
      public_suffix (>= 2.0.2, < 5.0)
    apnotic (1.6.0)
      connection_pool (~> 2)
      net-http2 (>= 0.18, < 2)
    backports (3.16.1)
    concurrent-ruby (1.1.6)
    connection_pool (2.2.2)
    crass (1.0.6)
    domain_name (0.5.20190701)
      unf (>= 0.0.5, < 1.0.0)
    et-orbi (1.2.2)
      tzinfo
    faraday (0.17.3)
      multipart-post (>= 1.2, < 3)
    faraday-cookie_jar (0.0.6)
      faraday (>= 0.7.4)
      http-cookie (~> 1.0.0)
    faraday-encoding (0.0.5)
      faraday
    faraday-http-cache (2.0.0)
      faraday (~> 0.8)
    faraday_middleware (0.13.1)
      faraday (>= 0.7.4, < 1.0)
    fastimage (2.1.7)
    fugit (1.3.3)
      et-orbi (~> 1.1, >= 1.1.8)
      raabro (~> 1.1)
    hashable (0.1.2)
    highscore (1.2.1)
      whatlanguage (>= 1.0.0)
    http-2 (0.10.1)
    http-cookie (1.0.3)
      domain_name (~> 0.5)
    i18n (1.8.2)
      concurrent-ruby (~> 1.0)
    metainspector (5.9.0)
      addressable (~> 2.7.0)
      faraday (~> 0.17.0)
      faraday-cookie_jar (~> 0.0.6)
      faraday-encoding (~> 0.0.5)
      faraday-http-cache (~> 2.0.0)
      faraday_middleware (~> 0.13.1)
      fastimage (~> 2.1.7)
      nesty (~> 1.0.2)
      nokogiri (~> 1.10.7)
    mini_portile2 (2.4.0)
    minitest (5.14.0)
    multi_json (1.14.1)
    multipart-post (2.1.1)
    mustermann (1.1.1)
      ruby2_keywords (~> 0.0.1)
    mysql2 (0.5.3)
    nesty (1.0.2)
    net-http2 (0.18.2)
      http-2 (~> 0.10.1)
    nio4r (2.5.7)
    nokogiri (1.10.9)
      mini_portile2 (~> 2.4.0)
    nokogumbo (2.0.2)
      nokogiri (~> 1.8, >= 1.8.4)
    omnicat (0.3.0)
      hashable (~> 0.1, >= 0.1.2)
    omnicat-bayes (0.3.0)
      omnicat (~> 0.3.0)
    power_assert (1.1.6)
    public_suffix (4.0.3)
    puma (4.3.8)
      nio4r (~> 2.0)
    raabro (1.1.6)
    rack (2.2.2)
    rack-protection (2.0.8.1)
      rack
    rack-test (1.1.0)
      rack (>= 1.0, < 3)
    rake (13.0.1)
    redis (4.1.3)
    ruby2_keywords (0.0.2)
    rufus-scheduler (3.6.0)
      fugit (~> 1.1, >= 1.1.6)
    sanitize (5.1.0)
      crass (~> 1.0.2)
      nokogiri (>= 1.8.0)
      nokogumbo (~> 2.0)
    sinatra (2.0.8.1)
      mustermann (~> 1.0)
      rack (~> 2.0)
      rack-protection (= 2.0.8.1)
      tilt (~> 2.0)
    sinatra-contrib (2.0.8.1)
      backports (>= 2.8.2)
      multi_json
      mustermann (~> 1.0)
      rack-protection (= 2.0.8.1)
      sinatra (= 2.0.8.1)
      tilt (~> 2.0)
    sqlite3 (1.4.2)
    test-unit (3.3.5)
      power_assert
    thread_safe (0.3.6)
    tilt (2.0.10)
    tzinfo (1.2.6)
      thread_safe (~> 0.1)
    unf (0.1.4)
      unf_ext
    unf_ext (0.0.7.6)
    whatlanguage (1.0.6)
    zeitwerk (2.3.0)

PLATFORMS
  ruby

DEPENDENCIES
  activerecord
  apnotic
  highscore
  i18n
  metainspector
  mysql2
  nokogiri
  omnicat-bayes
  puma
  rack-test
  rake
  redis
  rufus-scheduler
  rumoji!
  sanitize
  sinatra
  sinatra-contrib
  sqlite3
  test-unit

RUBY VERSION
   ruby 2.6.5p114

BUNDLED WITH
   1.17.2
