GEM
  remote: https://rubygems.org/
  specs:
    bloomfilter-rb (2.1.1)
      redis
    highscore (1.2.0)
      bloomfilter-rb (>= 2.1.1)
      whatlanguage (>= 1.0.0)
    mini_portile2 (2.1.0)
    nokogiri (1.6.8)
      mini_portile2 (~> 2.1.0)
      pkg-config (~> 1.1.7)
    pkg-config (1.1.7)
    redis (3.3.1)
    rufus-scheduler (3.2.1)
    sqlite3 (1.3.11)
    whatlanguage (1.0.6)

PLATFORMS
  ruby

DEPENDENCIES
  highscore
  nokogiri
  rufus-scheduler
  sqlite3

BUNDLED WITH
   1.12.5
